GEM
  specs:
    activesupport (7.2.1)
      base64
      bigdecimal
      concurrent-ruby (~> 1.0, >= 1.3.1)
      connection_pool (>= 2.2.5)
      drb
      i18n (>= 1.6, < 2)
      logger (>= 1.4.2)
      minitest (>= 5.1)
      securerandom (>= 0.3)
      tzinfo (~> 2.0, >= 2.0.5)
    appmap (1.1.0)
      activesupport
      method_source
      rack
      reverse_markdown
    base64 (0.2.0)
    bigdecimal (3.1.5)
    concurrent-ruby (1.3.4)
    connection_pool (2.4.1)
    drb (2.2.0)
      ruby2_keywords
    i18n (1.14.5)
      concurrent-ruby (~> 1.0)
    logger (1.6.0)
    method_source (1.1.0)
    minitest (5.25.1)
    nokogiri (1.16.7-x64-mingw-ucrt)
      racc (~> 1.4)
    racc (1.7.3)
    rack (3.1.8)
    reverse_markdown (2.1.1)
      nokogiri
    ruby2_keywords (0.0.5)
    securerandom (0.3.1)
    tzinfo (2.0.6)
      concurrent-ruby (~> 1.0)

PLATFORMS
  x64-mingw-ucrt

DEPENDENCIES
  appmap

BUNDLED WITH
   2.5.21
